GEM
  remote: http://rubygems.org/
  specs:
    activeresource (2.3.5)
      activesupport (= 2.3.5)
    activesupport (2.3.5)
    beanstalkapp (1.6.1)
      activeresource (= 2.3.5)
    commander (4.1.3)
      highline (~> 1.6.11)
    git (1.2.5)
    highline (1.6.19)
    jeweler (1.8.4)
      bundler (~> 1.0)
      git (>= 1.2.5)
      rake
      rdoc
    json (1.7.7)
    multi_json (1.7.3)
    rake (10.0.4)
    rdoc (3.12)
      json (~> 1.4)
    shoulda (3.0.1)
      shoulda-context (~> 1.0.0)
      shoulda-matchers (~> 1.0.0)
    shoulda-context (1.0.2)
    shoulda-matchers (1.0.0)
    simplecov (0.7.1)
      multi_json (~> 1.0)
      simplecov-html (~> 0.7.1)
    simplecov-html (0.7.1)

PLATFORMS
  ruby

DEPENDENCIES
  activeresource (= 2.3.5)
  beanstalkapp (= 1.6.1)
  bundler
  commander (= 4.1.3)
  highline (= 1.6.19)
  jeweler (= 1.8.4)
  rdoc (= 3.12)
  shoulda
  simplecov
